PATH
  remote: .
  specs:
    mongoid-exceptions (0.0.1)

GEM
  remote: http://rubygems.org/
  specs:

PLATFORMS
  ruby

DEPENDENCIES
  mongoid-exceptions!
